GEM
  remote: http://rubygems.org/
  specs:
    aws-sdk (2.6.34)
      aws-sdk-resources (= 2.6.34)
    aws-sdk-core (2.6.34)
      aws-sigv4 (~> 1.0)
      jmespath (~> 1.0)
    aws-sdk-resources (2.6.34)
      aws-sdk-core (= 2.6.34)
    aws-sigv4 (1.0.0)
    jmespath (1.3.1)

PLATFORMS
  ruby

DEPENDENCIES
  aws-sdk
